GEM
  remote: https://rubygems.org/
  specs:
    haml (4.0.7)
      tilt
    kgio (2.10.0)
    maxminddb (0.1.8)
    minitest (5.8.3)
    rack (1.6.4)
    rack-protection (1.5.3)
      rack
    rack-test (0.6.3)
      rack (>= 1.0)
    raindrops (0.15.0)
    sinatra (1.4.6)
      rack (~> 1.4)
      rack-protection (~> 1.4)
      tilt (>= 1.3, < 3)
    tilt (2.0.1)
    unicorn (5.0.1)
      kgio (~> 2.6)
      rack
      raindrops (~> 0.7)

PLATFORMS
  ruby

DEPENDENCIES
  haml
  maxminddb
  minitest
  rack-test
  sinatra
  unicorn

BUNDLED WITH
   1.11.2
